GEM
  remote: https://rubygems.org/
  specs:
    byebug (12.0.0)
    coderay (1.1.3)
    docile (1.4.1)
    method_source (1.1.0)
    minitest (5.25.5)
    pry (0.15.2)
      coderay (~> 1.1)
      method_source (~> 1.0)
    pry-byebug (3.11.0)
      byebug (~> 12.0)
      pry (>= 0.13, < 0.16)
    rake (13.2.1)
    simplecov (0.22.0)
      docile (~> 1.1)
      simplecov-html (~> 0.11)
      simplecov_json_formatter (~> 0.1)
    simplecov-html (0.13.1)
    simplecov_json_formatter (0.1.4)

PLATFORMS
  ruby
  x86_64-linux

DEPENDENCIES
  minitest
  pry
  pry-byebug
  rake
  simplecov

BUNDLED WITH
   2.6.8
